PATH
  remote: .
  specs:
    epoll (0.3.0)

GEM
  remote: https://rubygems.org/
  specs:
    power_assert (0.2.2)
    rake (10.4.0)
    rake-compiler (0.9.3)
      rake
    test-unit (3.0.7)
      power_assert

PLATFORMS
  ruby

DEPENDENCIES
  bundler
  epoll!
  rake
  rake-compiler
  test-unit
